PATH
  remote: .
  specs:
    delayed_job_ironmq (1.0.2)
      delayed_job (>= 3.0.0)
      iron_mq (= 6.0.0.pre1)

GEM
  remote: https://rubygems.org/
  specs:
    activesupport (3.2.18)
      i18n (~> 0.6, >= 0.6.4)
      multi_json (~> 1.0)
    delayed_job (3.0.5)
      activesupport (~> 3.0)
    diff-lcs (1.2.5)
    i18n (0.6.9)
    iron_core (1.0.5)
      rest (>= 2.6.4)
    iron_mq (6.0.0.pre1)
      iron_core (>= 0.5.1)
    multi_json (1.10.0)
    net-http-persistent (2.9.4)
    netrc (0.10.2)
    rest (3.0.3)
      net-http-persistent (>= 2.9.1)
      netrc
    rspec (2.14.1)
      rspec-core (~> 2.14.0)
      rspec-expectations (~> 2.14.0)
      rspec-mocks (~> 2.14.0)
    rspec-core (2.14.8)
    rspec-expectations (2.14.5)
      diff-lcs (>= 1.1.3, < 2.0)
    rspec-mocks (2.14.6)

PLATFORMS
  ruby

DEPENDENCIES
  delayed_job_ironmq!
  rspec
